PATH
  remote: .
  specs:
    symbols (0.0.1)

GEM
  remote: http://rubygems.org/
  specs:
    rake (10.0.2)

PLATFORMS
  ruby

DEPENDENCIES
  rake
  symbols!
